GEM
  remote: https://rubygems.org/
  specs:
    addressable (2.8.7)
      public_suffix (>= 2.0.2, < 7.0)
    json-schema (4.3.1)
      addressable (>= 2.8)
    minitest (5.24.1)
    public_suffix (6.0.0)
    rake (13.2.1)

PLATFORMS
  ruby
  x64-mingw-ucrt
  x86_64-linux

DEPENDENCIES
  json-schema
  minitest
  rake

BUNDLED WITH
   2.5.14
