GEM
  remote: https://rubygems.org/
  specs:
    minitest (5.24.1)
    rake (13.2.1)

PLATFORMS
  ruby
  x64-mingw-ucrt
  x86_64-linux

DEPENDENCIES
  minitest
  rake

BUNDLED WITH
   2.5.14
