GEM
  remote: https://rubygems.org/
  specs:
    remedy (0.4.0)
    tty-cursor (0.7.1)
    tty-reader (0.9.0)
      tty-cursor (~> 0.7)
      tty-screen (~> 0.8)
      wisper (~> 2.0)
    tty-screen (0.8.2)
    wisper (2.0.1)

PLATFORMS
  x64-mingw-ucrt

DEPENDENCIES
  remedy
  tty-reader

BUNDLED WITH
   2.5.16
